GIT
  remote: git://github.com/platanus/lita-dependencies.git
  revision: bd5d75101363c86abc5ad3a96c8375961c69066e
  specs:
    lita-dependencies (0.1.0)
      lita (>= 4.7)
      lita-github-web-hooks-core
      octokit (~> 4.0)
      power-types

GIT
  remote: git://github.com/platanus/lita-google-birthdates.git
  revision: 5721c043ba1350e586b7a10763f51cd79ac0afc7
  specs:
    lita-google-birthdates (0.1.0)
      activesupport (~> 4.2)
      google_calendar
      lita (>= 4.7)
      rufus-scheduler (= 2.0.24)

GIT
  remote: git://github.com/platanus/lita-lunch-reminder.git
  revision: 48f31a4aca0da8aef9e7b225c87382c1fbeebf28
  specs:
    lita-lunch-reminder (0.2.0)
      lita (>= 4.7)

GIT
  remote: git://github.com/platanus/lita-pull-requests.git
  revision: a2c5205f3719218c9597a6ce45988e468865ea41
  specs:
    lita-pull-requests (0.1.0)
      lita (>= 4.7)
      octokit (~> 4.0)
      rufus-scheduler (= 2.0.24)

GEM
  remote: https://rubygems.org/
  specs:
    TimezoneParser (0.2.0)
      insensitive_hash
      tzinfo
    activesupport (4.2.7.1)
      i18n (~> 0.7)
      json (~> 1.7, >= 1.7.7)
      minitest (~> 5.1)
      thread_safe (~> 0.3, >= 0.3.4)
      tzinfo (~> 1.1)
    addressable (2.4.0)
    coderay (1.1.1)
    dotenv (2.1.1)
    eventmachine (1.2.0.1)
    faraday (0.9.2)
      multipart-post (>= 1.2, < 3)
    faye-websocket (0.10.4)
      eventmachine (>= 0.12.0)
      websocket-driver (>= 0.5.1)
    google_calendar (0.6.1)
      TimezoneParser (~> 0.2.0)
      json (>= 1.8.3, < 2.1)
      signet (~> 0.7)
    http_router (0.11.2)
      rack (>= 1.0.0)
      url_mount (~> 0.2.1)
    i18n (0.7.0)
    ice_nine (0.11.2)
    insensitive_hash (0.3.3)
    json (1.8.3)
    jwt (1.5.6)
    lita (4.7.1)
      bundler (>= 1.3)
      faraday (>= 0.8.7)
      http_router (>= 0.11.2)
      i18n (>= 0.6.9)
      ice_nine (>= 0.11.0)
      multi_json (>= 1.7.7)
      puma (>= 2.7.1)
      rack (>= 1.5.2, < 2.0.0)
      rb-readline (>= 0.5.1)
      redis-namespace (>= 1.3.0)
      thor (>= 0.18.1)
    lita-github-web-hooks-core (1.0.1)
      i18n (~> 0.6, >= 0.6.9)
      lita (~> 4.3)
      netaddr (~> 1.5, >= 1.5.0)
      octokit (~> 4.0, >= 4.0.1)
    lita-keepalive (0.0.2)
      lita (~> 4.0)
    lita-poll (1.0.2)
      lita (>= 4.2.1)
    lita-slack (1.8.0)
      eventmachine
      faraday
      faye-websocket (>= 0.8.0)
      lita (>= 4.7.1)
      multi_json
    lita-whois (1.1.0)
      lita (~> 4.2)
      whois
    method_source (0.8.2)
    minitest (5.9.1)
    multi_json (1.12.1)
    multipart-post (2.0.0)
    netaddr (1.5.1)
    octokit (4.4.1)
      sawyer (~> 0.7.0, >= 0.5.3)
    power-types (0.1.2)
    pry (0.10.4)
      coderay (~> 1.1.0)
      method_source (~> 0.8.1)
      slop (~> 3.4)
    puma (3.6.0)
    rack (1.6.5)
    rb-readline (0.5.3)
    redis (3.3.2)
    redis-namespace (1.5.2)
      redis (~> 3.0, >= 3.0.4)
    rufus-scheduler (2.0.24)
      tzinfo (>= 0.3.22)
    sawyer (0.7.0)
      addressable (>= 2.3.5, < 2.5)
      faraday (~> 0.8, < 0.10)
    signet (0.7.3)
      addressable (~> 2.3)
      faraday (~> 0.9)
      jwt (~> 1.5)
      multi_json (~> 1.10)
    slop (3.6.0)
    thor (0.19.1)
    thread_safe (0.3.5)
    tzinfo (1.2.2)
      thread_safe (~> 0.1)
    url_mount (0.2.1)
      rack
    websocket-driver (0.6.4)
      websocket-extensions (>= 0.1.0)
    websocket-extensions (0.1.2)
    whois (3.6.5)
      activesupport (>= 3)

PLATFORMS
  ruby

DEPENDENCIES
  dotenv
  lita
  lita-dependencies!
  lita-google-birthdates!
  lita-keepalive
  lita-lunch-reminder!
  lita-poll
  lita-pull-requests!
  lita-slack
  lita-whois
  pry

BUNDLED WITH
   1.13.6
